GEM
  remote: https://rubygems.org/
  specs:
    bubble-wrap (1.3.0)
    motion-pixatefreestyle (2.1)
      sass
    motion.h (0.0.3)
    rake (10.4.2)
    sass (3.4.11)

PLATFORMS
  ruby

DEPENDENCIES
  bubble-wrap
  motion-pixatefreestyle
  motion.h
  rake
